GEM
  remote: http://rubygems.org/
  specs:
    adsf (1.0.1)
      rack (>= 1.0.0)
    cri (2.0.2)
    kramdown (2.3.0)
      rexml
    nanoc (3.2.2)
      nanoc3 (>= 3.2.2)
    nanoc3 (3.2.2)
      cri (~> 2.0)
    nokogiri (1.5.0)
    pygmentize (0.0.3)
    rack (1.3.2)
    rexml (3.2.4)
    systemu (2.3.0)

PLATFORMS
  ruby

DEPENDENCIES
  adsf
  kramdown (~> 2.3.0)
  nanoc (~> 3.2.0)
  nokogiri
  pygmentize
  systemu
